PATH
  remote: .
  specs:
    earthquake (0.8.5)
      activesupport
      awesome_print
      i18n
      launchy
      notify
      oauth
      slop (~> 2.0)
      twitter-stream
      twitter_oauth (= 0.4.3)

GEM
  remote: http://rubygems.org/
  specs:
    activesupport (3.0.5)
    awesome_print (0.3.2)
    configuration (1.2.0)
    diff-lcs (1.1.3)
    eventmachine (0.12.10)
    i18n (0.6.0)
    json (1.5.4)
    launchy (0.4.0)
      configuration (>= 0.0.5)
      rake (>= 0.8.1)
    mime-types (1.16)
    notify (0.3.0)
    oauth (0.4.4)
    rake (0.9.2.2)
    roauth (0.0.3)
    rspec (2.8.0)
      rspec-core (~> 2.8.0)
      rspec-expectations (~> 2.8.0)
      rspec-mocks (~> 2.8.0)
    rspec-core (2.8.0)
    rspec-expectations (2.8.0)
      diff-lcs (~> 1.1.2)
    rspec-mocks (2.8.0)
    slop (2.4.4)
    twitter-stream (0.1.12)
      eventmachine (>= 0.12.8)
      roauth (>= 0.0.2)
    twitter_oauth (0.4.3)
      json (>= 1.1.9)
      mime-types (>= 1.16)
      oauth (>= 0.4.1)

PLATFORMS
  ruby

DEPENDENCIES
  bundler
  earthquake!
  rspec (~> 2.0)
